PATH
  remote: .
  specs:
    consul-template-generator (0.1.0)
      diplomat (~> 0.12.0)
      popen4 (~> 0.1.2)

GEM
  remote: https://rubygems.org/
  specs:
    Platform (0.4.0)
    addressable (2.3.8)
    colorize (0.7.7)
    crack (0.4.2)
      safe_yaml (~> 1.0.0)
    diff-lcs (1.2.5)
    diplomat (0.12.0)
      faraday (~> 0.9)
      json (~> 1.8)
    docile (1.1.5)
    faraday (0.9.1)
      multipart-post (>= 1.2, < 3)
    hirb (0.7.3)
    json (1.8.3)
    multipart-post (2.0.0)
    open4 (1.3.4)
    popen4 (0.1.2)
      Platform (>= 0.4.0)
      open4 (>= 0.4.0)
    rack (1.6.1)
    rake (10.4.2)
    rspec (3.3.0)
      rspec-core (~> 3.3.0)
      rspec-expectations (~> 3.3.0)
      rspec-mocks (~> 3.3.0)
    rspec-core (3.3.0)
      rspec-support (~> 3.3.0)
    rspec-expectations (3.3.0)
      diff-lcs (>= 1.2.0, < 2.0)
      rspec-support (~> 3.3.0)
    rspec-mocks (3.3.0)
      diff-lcs (>= 1.2.0, < 2.0)
      rspec-support (~> 3.3.0)
    rspec-support (3.3.0)
    safe_yaml (1.0.4)
    simplecov (0.10.0)
      docile (~> 1.1.0)
      json (~> 1.8)
      simplecov-html (~> 0.10.0)
    simplecov-console (0.2.0)
      colorize
      hirb
      simplecov
    simplecov-html (0.10.0)
    webmock (1.21.0)
      addressable (>= 2.3.6)
      crack (>= 0.3.2)

PLATFORMS
  ruby

DEPENDENCIES
  bundler (~> 1.7)
  consul-template-generator!
  rack (~> 1.6)
  rake (~> 10.0)
  rspec (~> 3.3)
  simplecov (~> 0.10)
  simplecov-console (~> 0.2)
  webmock (~> 1.21)
